STORAGE: NONE
RESTRICTION: == net7.0
NUGET
  remote: https://api.nuget.org/v3/index.json
    Expecto (9.0.4)
      FSharp.Core (>= 4.6)
      Mono.Cecil (>= 0.11.3)
    Fable.Core (4.0)
    FSharp.Core (7.0.200)
    FSharp.Data (6.2)
      FSharp.Core (>= 5.0.1)
      FSharp.Data.Csv.Core (>= 6.2)
      FSharp.Data.Html.Core (>= 6.2)
      FSharp.Data.Http (>= 6.2)
      FSharp.Data.Json.Core (>= 6.2)
      FSharp.Data.Runtime.Utilities (>= 6.2)
      FSharp.Data.WorldBank.Core (>= 6.2)
      FSharp.Data.Xml.Core (>= 6.2)
    FSharp.Data.Csv.Core (6.2)
      FSharp.Core (>= 5.0.1)
      FSharp.Data.Runtime.Utilities (>= 6.2)
    FSharp.Data.Html.Core (6.2)
      FSharp.Core (>= 5.0.1)
      FSharp.Data.Csv.Core (>= 6.2)
      FSharp.Data.Runtime.Utilities (>= 6.2)
    FSharp.Data.Http (6.2)
      FSharp.Core (>= 5.0.1)
    FSharp.Data.Json.Core (6.2)
      FSharp.Core (>= 5.0.1)
      FSharp.Data.Http (>= 6.2)
      FSharp.Data.Runtime.Utilities (>= 6.2)
    FSharp.Data.Runtime.Utilities (6.2)
      FSharp.Core (>= 5.0.1)
      FSharp.Data.Http (>= 6.2)
    FSharp.Data.WorldBank.Core (6.2)
      FSharp.Core (>= 5.0.1)
      FSharp.Data.Http (>= 6.2)
      FSharp.Data.Json.Core (>= 6.2)
      FSharp.Data.Runtime.Utilities (>= 6.2)
    FSharp.Data.Xml.Core (6.2)
      FSharp.Core (>= 5.0.1)
      FSharp.Data.Http (>= 6.2)
      FSharp.Data.Json.Core (>= 6.2)
      FSharp.Data.Runtime.Utilities (>= 6.2)
    FsHttp (10.0)
      FSharp.Core (>= 5.0)
    Mono.Cecil (0.11.5)
    Newtonsoft.Json (13.0.3)
    Thoth.Json.Net (11.0)
      Fable.Core (>= 3.1.6)
      FSharp.Core (>= 4.7.2)
      Newtonsoft.Json (>= 11.0.2)
