GENERATE-LOAD-SCRIPTS: ON
STORAGE: NONE
RESTRICTION: == net50
NUGET
  remote: https://api.nuget.org/v3/index.json
    Expecto (9.0.2)
      FSharp.Core (>= 4.6)
      Mono.Cecil (>= 0.11.2)
    Fable.Core (3.2.8)
      FSharp.Core (>= 4.7.2)
    FSharp.Core (5.0.2)
    FSharp.Data (4.2)
      FSharp.Core (>= 4.7.2)
    Mono.Cecil (0.11.4)
    Newtonsoft.Json (13.0.1)
    Thoth.Json.Net (5.0)
      Fable.Core (>= 3.0 < 4.0)
      FSharp.Core (>= 4.7.2)
      Newtonsoft.Json (>= 11.0.2)
