STORAGE: NONE
RESTRICTION: == net7.0
NUGET
  remote: https://api.nuget.org/v3/index.json
    Expecto (9.0.4)
      FSharp.Core (>= 4.6)
      Mono.Cecil (>= 0.11.3)
    Fable.Core (4.0)
    FSharp.Core (7.0.200)
    FsHttp (10.0)
      FSharp.Core (>= 5.0)
    Mono.Cecil (0.11.5)
    Newtonsoft.Json (13.0.3)
    Thoth.Json.Net (11.0)
      Fable.Core (>= 3.1.6)
      FSharp.Core (>= 4.7.2)
      Newtonsoft.Json (>= 11.0.2)
